PATH
  remote: .
  specs:
    figi (0.1.1)
      hashie (~> 3.6)

GEM
  remote: https://rubygems.org/
  specs:
    diff-lcs (1.3)
    hashie (3.6.0)
    rake (13.0.1)
    rspec (3.8.0)
      rspec-core (~> 3.8.0)
      rspec-expectations (~> 3.8.0)
      rspec-mocks (~> 3.8.0)
    rspec-core (3.8.0)
      rspec-support (~> 3.8.0)
    rspec-expectations (3.8.2)
      diff-lcs (>= 1.2.0, < 2.0)
      rspec-support (~> 3.8.0)
    rspec-mocks (3.8.0)
      diff-lcs (>= 1.2.0, < 2.0)
      rspec-support (~> 3.8.0)
    rspec-support (3.8.0)

PLATFORMS
  ruby

DEPENDENCIES
  bundler (~> 2.0)
  figi!
  rake (~> 13.0)
  rspec (~> 3.0)

BUNDLED WITH
   2.0.1
